PATH
  remote: .
  specs:
    threadz (1.1.0.rc1)

GEM
  remote: http://rubygems.org/
  specs:
    rake (10.0.3)
    rspec (1.3.2)

PLATFORMS
  ruby

DEPENDENCIES
  rake (~> 10.0)
  rspec (~> 1.0)
  threadz!
