PATH
  remote: .
  specs:
    threadz (1.1.0.rc1)

GEM
  remote: http://rubygems.org/
  specs:
    diff-lcs (1.1.3)
    json (1.7.5)
    json (1.7.5-java)
    rake (10.0.3)
    rdoc (3.12)
      json (~> 1.4)
    rspec (2.12.0)
      rspec-core (~> 2.12.0)
      rspec-expectations (~> 2.12.0)
      rspec-mocks (~> 2.12.0)
    rspec-core (2.12.2)
    rspec-expectations (2.12.1)
      diff-lcs (~> 1.1.3)
    rspec-mocks (2.12.0)

PLATFORMS
  java
  ruby

DEPENDENCIES
  rake (~> 10.0)
  rdoc (~> 3.12)
  rspec (~> 2.12)
  threadz!
