PATH
  remote: .
  specs:
    threadz (1.0.0.beta)

GEM
  remote: http://rubygems.org/
  specs:
    rake (0.9.2.2)
    rspec (1.3.2)

PLATFORMS
  ruby

DEPENDENCIES
  rake
  rspec (~> 1.0)
  threadz!
